GEM
  remote: https://rubygems.org/
  specs:
    debug (1.7.0)
      irb (>= 1.5.0)
      reline (>= 0.3.1)
    diff-lcs (1.4.4)
    io-console (0.5.11)
    irb (1.5.1)
      reline (>= 0.3.0)
    reline (0.3.1)
      io-console (~> 0.5)
    rspec (3.10.0)
      rspec-core (~> 3.10.0)
      rspec-expectations (~> 3.10.0)
      rspec-mocks (~> 3.10.0)
    rspec-core (3.10.1)
      rspec-support (~> 3.10.0)
    rspec-expectations (3.10.1)
      diff-lcs (>= 1.2.0, < 2.0)
      rspec-support (~> 3.10.0)
    rspec-mocks (3.10.2)
      diff-lcs (>= 1.2.0, < 2.0)
      rspec-support (~> 3.10.0)
    rspec-support (3.10.2)
    ruby-sdl2 (0.3.6)

PLATFORMS
  ruby

DEPENDENCIES
  debug (~> 1.7.0)
  rspec (~> 3.10.0)
  ruby-sdl2 (~> 0.3.5)

BUNDLED WITH
   2.3.7
